GEM
  remote: http://rubygems.org/
  specs:
    actionmailer (2.3.5)
      actionpack (= 2.3.5)
    actionpack (2.3.5)
      activesupport (= 2.3.5)
      rack (~> 1.0.0)
    activerecord (2.3.5)
      activesupport (= 2.3.5)
    activeresource (2.3.5)
      activesupport (= 2.3.5)
    activesupport (2.3.5)
    crack (0.1.8)
    httparty (0.7.8)
      crack (= 0.1.8)
    json (1.5.3)
    jwagener-multipart-post (1.0.3)
    multipart (0.2.1)
    oauth (0.4.5)
    oauth-active-resource (0.4.7)
      activeresource (< 3.0.0)
      jwagener-multipart-post
      oauth (>= 0.3.6)
    pg (0.11.0)
    rack (1.0.1)
    rails (2.3.5)
      actionmailer (= 2.3.5)
      actionpack (= 2.3.5)
      activerecord (= 2.3.5)
      activeresource (= 2.3.5)
      activesupport (= 2.3.5)
      rake (>= 0.8.3)
    rails-settings (1.0.0)
    rake (0.9.2)
    soundcloud-auth (0.2.0)
      oauth (>= 0.3.1)
      soundcloud-ruby-api-wrapper
    soundcloud-ruby-api-wrapper (0.4.8)
      oauth (>= 0.3.6)
      oauth-active-resource (>= 0.4.4)
    sqlite3 (1.3.3)
    sqlite3-ruby (1.3.3)
      sqlite3 (>= 1.3.3)
    will_paginate (2.3.15)

PLATFORMS
  ruby

DEPENDENCIES
  httparty
  json
  multipart
  oauth
  pg
  rails (= 2.3.5)
  rails-settings
  soundcloud-auth
  sqlite3-ruby
  will_paginate
